GEM
  remote: http://rubygems.org/
  specs:
    rack (1.5.5)

PLATFORMS
  ruby

DEPENDENCIES
  rack (~> 1.5.2)

BUNDLED WITH
   1.11.2
